PATH
  remote: .
  specs:
    meta_pixel_presenter_plugin (2.0.1)

GEM
  remote: https://rubygems.org/
  specs:
    rake (13.0.6)

PLATFORMS
  ruby
  x86_64-darwin-20
  x86_64-linux

DEPENDENCIES
  bundler (~> 2)
  meta_pixel_presenter_plugin!
  rake (~> 13)

BUNDLED WITH
   2.3.17
