PATH
  remote: .
  specs:
    pixel_analytics_presenter_plugin (2.0.0)

GEM
  remote: https://rubygems.org/
  specs:
    rake (13.0.6)

PLATFORMS
  ruby
  x86_64-darwin-20
  x86_64-linux

DEPENDENCIES
  bundler (~> 2)
  pixel_analytics_presenter_plugin!
  rake (~> 13)

BUNDLED WITH
   2.3.17
